GIT
  remote: git://github.com/mwlang/bittrex.git
  revision: b6cfdd9b046a3f212d2cb611e1fde76359032c17
  branch: master
  specs:
    bittrex (0.0.1)
      faraday (~> 0.9.0)

GEM
  remote: https://rubygems.org/
  specs:
    coinbase (4.1.0)
    faraday (0.9.2)
      multipart-post (>= 1.2, < 3)
    multipart-post (2.0.0)
    rake (12.0.0)
    terminal-table (1.7.3)
      unicode-display_width (~> 1.1.1)
    unicode-display_width (1.1.1)

PLATFORMS
  ruby

DEPENDENCIES
  bittrex!
  coinbase
  rake (= 12.0.0)
  terminal-table

BUNDLED WITH
   1.14.2
