GIT
  remote: git://github.com/mwlang/bittrex.git
  revision: b6cfdd9b046a3f212d2cb611e1fde76359032c17
  branch: master
  specs:
    bittrex (0.0.1)
      faraday (~> 0.9.0)

GEM
  remote: https://rubygems.org/
  specs:
    addressable (2.5.2)
      public_suffix (>= 2.0.2, < 4.0)
    bigdecimal (1.3.2)
    coinbase (4.1.0)
    coinbase-exchange (0.2.0)
      bigdecimal
      em-http-request
      faye-websocket
    cookiejar (0.3.3)
    em-http-request (1.1.5)
      addressable (>= 2.3.4)
      cookiejar (!= 0.3.1)
      em-socksify (>= 0.3)
      eventmachine (>= 1.0.3)
      http_parser.rb (>= 0.6.0)
    em-socksify (0.3.1)
      eventmachine (>= 1.0.0.beta.4)
    eventmachine (1.2.5)
    faraday (0.9.2)
      multipart-post (>= 1.2, < 3)
    faye-websocket (0.10.7)
      eventmachine (>= 0.12.0)
      websocket-driver (>= 0.5.1)
    http_parser.rb (0.6.0)
    multipart-post (2.0.0)
    public_suffix (3.0.0)
    rake (12.0.0)
    terminal-table (1.7.3)
      unicode-display_width (~> 1.1.1)
    unicode-display_width (1.1.1)
    websocket-driver (0.7.0)
      websocket-extensions (>= 0.1.0)
    websocket-extensions (0.1.2)

PLATFORMS
  ruby

DEPENDENCIES
  bittrex!
  coinbase
  coinbase-exchange
  rake (= 12.0.0)
  terminal-table

BUNDLED WITH
   1.14.2
