GIT
  remote: git://github.com/mwlang/bittrex.git
  revision: 778365b68ea83606be63ef9dad1f5f7ec79dc128
  branch: develop
  specs:
    bittrex (0.0.4)
      faraday (>= 0.9.0)

GEM
  remote: https://rubygems.org/
  specs:
    addressable (2.5.2)
      public_suffix (>= 2.0.2, < 4.0)
    bigdecimal (1.3.2)
    binance (0.2.0)
      faraday (~> 0.12.2)
      faraday_middleware (~> 0.12.2)
    coinbase (4.1.0)
    coinbase-exchange (0.2.0)
      bigdecimal
      em-http-request
      faye-websocket
    cookiejar (0.3.3)
    cryptoexchange (0.18.0)
      http (~> 1.0.0)
      lru_redux
    domain_name (0.5.20170404)
      unf (>= 0.0.5, < 1.0.0)
    em-http-request (1.1.5)
      addressable (>= 2.3.4)
      cookiejar (!= 0.3.1)
      em-socksify (>= 0.3)
      eventmachine (>= 1.0.3)
      http_parser.rb (>= 0.6.0)
    em-socksify (0.3.1)
      eventmachine (>= 1.0.0.beta.4)
    eventmachine (1.2.5)
    faraday (0.12.2)
      multipart-post (>= 1.2, < 3)
    faraday_middleware (0.12.2)
      faraday (>= 0.7.4, < 1.0)
    faye-websocket (0.10.7)
      eventmachine (>= 0.12.0)
      websocket-driver (>= 0.5.1)
    http (1.0.4)
      addressable (~> 2.3)
      http-cookie (~> 1.0)
      http-form_data (~> 1.0.1)
      http_parser.rb (~> 0.6.0)
    http-cookie (1.0.3)
      domain_name (~> 0.5)
    http-form_data (1.0.3)
    http_parser.rb (0.6.0)
    lru_redux (1.1.0)
    multipart-post (2.0.0)
    public_suffix (3.0.0)
    rake (12.0.0)
    terminal-table (1.7.3)
      unicode-display_width (~> 1.1.1)
    unf (0.1.4)
      unf_ext
    unf_ext (0.0.7.4)
    unicode-display_width (1.1.1)
    websocket-driver (0.7.0)
      websocket-extensions (>= 0.1.0)
    websocket-extensions (0.1.2)

PLATFORMS
  ruby

DEPENDENCIES
  binance
  bittrex!
  coinbase
  coinbase-exchange
  cryptoexchange
  rake (= 12.0.0)
  terminal-table

BUNDLED WITH
   1.14.2
